GEM
  remote: https://rubygems.org/
  specs:
    dotenv (1.0.2)
    mail (2.6.3)
      mime-types (>= 1.16, < 3)
    mime-types (2.4.3)
    pony (1.11)
      mail (>= 2.0)
    thor (0.19.1)

PLATFORMS
  ruby

DEPENDENCIES
  dotenv
  pony
  thor
